GEM
  remote: https://rubygems.org/
  specs:
    asciidoctor (2.0.23)
    logger (1.7.0)

PLATFORMS
  arm64-darwin-24
  ruby

DEPENDENCIES
  asciidoctor
  logger

BUNDLED WITH
   2.6.7
